GIT
  remote: git://github.com/cao7113/capistrano-puma.git
  revision: 80909b72da0ab8e4f13af0fbc364e0a46f248343
  specs:
    capistrano3-puma (0.2.2)
      capistrano (~> 3.0)

GIT
  remote: git://github.com/cao7113/capup.git
  revision: eb95e49219214db13b39dac1dbfb9528539e4444
  specs:
    capup (0.0.1)
      capistrano-bundler
      capistrano-rails
      capistrano-rbenv
      thor

PATH
  remote: .
  specs:
    nesta (0.9.13)

GEM
  remote: http://ruby.taobao.org/
  specs:
    capistrano (3.1.0)
      i18n
      rake (>= 10.0.0)
      sshkit (~> 1.3)
    capistrano-bundler (1.1.2)
      capistrano (~> 3.0)
      sshkit (~> 1.2)
    capistrano-rails (1.1.1)
      capistrano (~> 3.1)
      capistrano-bundler (~> 1.1)
    capistrano-rbenv (2.0.2)
      capistrano (~> 3.1)
      sshkit (~> 1.3)
    coderay (1.1.0)
    diff-lcs (1.2.5)
    haml (4.0.4)
      tilt
    i18n (0.6.9)
    method_source (0.8.2)
    net-scp (1.1.2)
      net-ssh (>= 2.6.5)
    net-ssh (2.8.0)
    pry (0.9.12.4)
      coderay (~> 1.0)
      method_source (~> 0.8)
      slop (~> 3.4)
    puma (2.7.1)
      rack (>= 1.1, < 2.0)
    rack (1.5.2)
    rack-protection (1.5.1)
      rack
    rake (10.1.1)
    rdiscount (2.1.7)
    rspec (2.14.1)
      rspec-core (~> 2.14.0)
      rspec-expectations (~> 2.14.0)
      rspec-mocks (~> 2.14.0)
    rspec-core (2.14.7)
    rspec-expectations (2.14.4)
      diff-lcs (>= 1.1.3, < 2.0)
    rspec-mocks (2.14.4)
    sass (3.2.13)
    sinatra (1.4.4)
      rack (~> 1.4)
      rack-protection (~> 1.4)
      tilt (~> 1.3, >= 1.3.4)
    slop (3.4.7)
    sshkit (1.3.0)
      net-scp (>= 1.1.2)
      net-ssh
      term-ansicolor
    term-ansicolor (1.3.0)
      tins (~> 1.0)
    thor (0.18.1)
    tilt (1.4.1)
    tins (1.0.0)

PLATFORMS
  ruby

DEPENDENCIES
  capistrano3-puma!
  capup!
  haml
  nesta!
  pry
  puma
  rack
  rdiscount
  rspec
  sass
  sinatra
